GEM
  remote: https://rubygems.org/
  specs:
    flog (4.4.0)
      path_expander (~> 1.0)
      ruby_parser (~> 3.1, > 3.1.0)
      sexp_processor (~> 4.4)
    path_expander (1.0.0)
    ruby_parser (3.8.2)
      sexp_processor (~> 4.1)
    sexp_processor (4.7.0)
    test-unit (2.5.5)

PLATFORMS
  ruby

DEPENDENCIES
  flog
  test-unit
